GEM
  remote: http://rubygems.org/
  specs:
    ZenTest (4.8.0)
    autotest-fsevent (0.2.8)
      sys-uname
    builder (3.0.0)
    columnize (0.3.6)
    cucumber (1.2.0)
      builder (>= 2.1.2)
      diff-lcs (>= 1.1.3)
      gherkin (~> 2.10.0)
      json (>= 1.4.6)
    debugger (1.1.3)
      columnize (>= 0.3.1)
      debugger-linecache (~> 1.1.1)
      debugger-ruby_core_source (~> 1.1.2)
    debugger-linecache (1.1.1)
      debugger-ruby_core_source (>= 1.1.1)
    debugger-ruby_core_source (1.1.2)
    diff-lcs (1.1.3)
    gherkin (2.10.0)
      json (>= 1.4.6)
    git (1.2.5)
    jeweler (1.8.3)
      bundler (~> 1.0)
      git (>= 1.2.5)
      rake
      rdoc
    json (1.7.3)
    multi_json (1.3.5)
    racc (1.4.8)
    rake (0.9.2.2)
    rdoc (3.12)
      json (~> 1.4)
    rspec (2.10.0)
      rspec-core (~> 2.10.0)
      rspec-expectations (~> 2.10.0)
      rspec-mocks (~> 2.10.0)
    rspec-core (2.10.1)
    rspec-expectations (2.10.0)
      diff-lcs (~> 1.1.3)
    rspec-mocks (2.10.1)
    simplecov (0.6.4)
      multi_json (~> 1.0)
      simplecov-html (~> 0.5.3)
    simplecov-html (0.5.3)
    sys-uname (0.8.6)
    yard (0.8.1)

PLATFORMS
  ruby

DEPENDENCIES
  ZenTest (~> 4.8.0)
  autotest-fsevent
  bundler (~> 1.1.0)
  cucumber (~> 1.2.0)
  debugger (~> 1.1.3)
  jeweler (~> 1.8.3)
  racc (~> 1.4.8)
  rdoc (~> 3.12)
  rspec (~> 2.10.0)
  simplecov
  yard (~> 0.7)
